PATH
  remote: .
  specs:
    rancher-shell (0.3.0.pre.alpha2)
      activesupport (~> 5.0.0)
      event_emitter (~> 0.2.5)
      thor (~> 0.19.1)
      websocket (~> 1.2.3)

GEM
  remote: https://rubygems.org/
  specs:
    activesupport (5.0.1)
      concurrent-ruby (~> 1.0, >= 1.0.2)
      i18n (~> 0.7)
      minitest (~> 5.1)
      tzinfo (~> 1.1)
    codeclimate-test-reporter (0.6.0)
      simplecov (>= 0.7.1, < 1.0.0)
    concurrent-ruby (1.0.4)
    diff-lcs (1.3)
    docile (1.1.5)
    event_emitter (0.2.5)
    i18n (0.7.0)
    json (2.0.3)
    minitest (5.10.1)
    rake (11.3.0)
    rspec (3.5.0)
      rspec-core (~> 3.5.0)
      rspec-expectations (~> 3.5.0)
      rspec-mocks (~> 3.5.0)
    rspec-core (3.5.4)
      rspec-support (~> 3.5.0)
    rspec-expectations (3.5.0)
      diff-lcs (>= 1.2.0, < 2.0)
      rspec-support (~> 3.5.0)
    rspec-mocks (3.5.0)
      diff-lcs (>= 1.2.0, < 2.0)
      rspec-support (~> 3.5.0)
    rspec-support (3.5.0)
    simplecov (0.13.0)
      docile (~> 1.1.0)
      json (>= 1.8, < 3)
      simplecov-html (~> 0.10.0)
    simplecov-html (0.10.0)
    thor (0.19.4)
    thread_safe (0.3.5)
    tzinfo (1.2.2)
      thread_safe (~> 0.1)
    websocket (1.2.3)

PLATFORMS
  ruby

DEPENDENCIES
  bundler (~> 1.14.3)
  codeclimate-test-reporter (~> 0.6.0)
  rake (~> 11.3.0)
  rancher-shell!
  rspec (~> 3.5.0)
  simplecov (~> 0.13.0)

BUNDLED WITH
   1.14.3
